{
  "IntendedFor":["func/sub-1_task-rest_acq-PA_bold.nii.gz"],
  "AcquisitionMatrixPE": 80,
  "AcquisitionNumber": 1,
  "BandwidthPerPixelPhaseEncode": 23.148,
  "BaseResolution": 80,
  "BodyPartExamined": "BRAIN",
  "ConsistencyInfo": "N4_VE11C_LATEST_20160120",
  "ConversionSoftware": "dcm2niix",
  "ConversionSoftwareVersion": "v1.0.20180622 GCC6.3.0",
  "DerivedVendorReportedEchoSpacing": 0.000540003,
  "EchoTime": 0.03,
  "EchoTrainLength": 80,
  "EffectiveEchoSpacing": 0.000540003,
  "FlipAngle": 90,
  "ImageOrientationPatientDICOM": [1, 0, 0, 0, 1, 0],
  "ImageType": [
    "ORIGINAL",
    "PRIMARY",
    "M",
    "ND",
    "MOSAIC"
],
  "InPlanePhaseEncodingDirectionDICOM": "COL",
  "MRAcquisitionType": "2D",
  "MagneticFieldStrength": 3,
  "Manufacturer": "Siemens",
  "ManufacturersModelName": "Prisma_fit",
  "Modality": "MR",
  "PartialFourier": 1,
  "PatientPosition": "HFS",
  "PercentPhaseFOV": 100,
  "PhaseEncodingDirection": "j-",
  "PhaseEncodingSteps": 80,
  "PhaseResolution": 1,
  "PixelBandwidth": 2085,
  "ProtocolName": "BOLD_3mm_unmatched_0.54esp",
  "PulseSequenceDetails": "%SiemensSeq%_ep2d_bold",
  "ReceiveCoilActiveElements": "HEA;HEP",
  "ReceiveCoilName": "Head_32",
  "ReconMatrixPE": 80,
  "RepetitionTime": 4,
  "SAR": 0.0834299,
  "ScanOptions": "FS",
  "ScanningSequence": "EP",
  "SequenceName": "_epfid2d1_80",
  "SequenceVariant": "SK",
  "SeriesDescription": "BOLD_3mm_unmatched_0.54esp",
  "SeriesNumber": 10,
  "ShimSetting": [1746, -3889, -287, 575, 111, -87, -1, -28],
  "SliceThickness": 3,
  "SliceTiming": [1.99, 0, 2.0575, 0.0675, 2.1225, 0.1325, 2.19, 0.2, 2.2575, 0.2675, 2.3225, 0.3325, 2.39, 0.4, 2.455, 0.465, 2.5225, 0.5325, 2.5875, 0.5975, 2.655, 0.665, 2.72, 0.73, 2.7875, 0.7975, 2.8525, 0.8625, 2.92, 0.93, 2.985, 0.995, 3.0525, 1.0625, 3.1175, 1.1275, 3.185, 1.195, 3.25, 1.2625, 3.3175, 1.3275, 3.385, 1.395, 3.45, 1.46, 3.5175, 1.5275, 3.5825, 1.5925, 3.65, 1.66, 3.715, 1.725, 3.7825, 1.7925, 3.8475, 1.8575, 3.915, 1.925],
  "SoftwareVersions": "syngo_MR_E11",
  "SpacingBetweenSlices": 3,
  "StationName": "HUP_FNDBA_MR2",
  "TotalReadoutTime": 0.0426603,
  "TxRefAmp": 220.327}
