{
  "IntendedFor":["func/sub-1_task-rest_acq-v4_bold.nii.gz"],
  "AcquisitionMatrixPE": 64,
  "AcquisitionNumber": 1,
  "BaseResolution": 64,
  "BodyPartExamined": "BRAIN",
  "ConsistencyInfo": "N4_VE11C_LATEST_20160120",
  "ConversionSoftware": "dcm2niix",
  "ConversionSoftwareVersion": "v1.0.20180622 GCC6.3.0",
  "EchoNumber": 2,
  "EchoTime1": 0.004,
  "EchoTime2": 0.00646,
  "FlipAngle": 60,
  "ImageOrientationPatientDICOM": [1, 0, 0, 0, 1, 0],
  "ImageType": [
    "ORIGINAL",
    "PRIMARY",
    "P",
    "ND"
],
  "InPlanePhaseEncodingDirectionDICOM": "COL",
  "MRAcquisitionType": "2D",
  "MagneticFieldStrength": 3,
  "Manufacturer": "Siemens",
  "ManufacturersModelName": "Prisma_fit",
  "Modality": "MR",
  "PartialFourier": 0.75,
  "PatientPosition": "HFS",
  "PercentPhaseFOV": 100,
  "PhaseEncodingDirection": "j-",
  "PhaseEncodingSteps": 48,
  "PhaseResolution": 1,
  "PixelBandwidth": 500,
  "ProtocolName": "B0map_v4",
  "PulseSequenceDetails": "%SiemensSeq%_gre_field_mapping",
  "ReceiveCoilActiveElements": "HEA;HEP",
  "ReceiveCoilName": "Head_32",
  "ReconMatrixPE": 64,
  "RepetitionTime": 1.5,
  "SAR": 0.0935879,
  "ScanOptions": "PFP_FS",
  "ScanningSequence": "GR",
  "SequenceName": "_fm2d2",
  "SequenceVariant": "SP",
  "SeriesDescription": "B0map_v4",
  "SeriesNumber": 8,
  "ShimSetting": [1747, -3883, -285, 583, 125, -23, -45, -40],
  "SliceThickness": 4,
  "SoftwareVersions": "syngo_MR_E11",
  "SpacingBetweenSlices": 4,
  "StationName": "HUP_FNDBA_MR2",
  "TxRefAmp": 220.327}
