{
  "AcquisitionMatrixPE": 64,
  "AcquisitionNumber": 1,
  "BandwidthPerPixelPhaseEncode": 28.409,
  "BaseResolution": 64,
  "BodyPartExamined": "BRAIN",
  "ConsistencyInfo": "N4_VE11C_LATEST_20160120",
  "ConversionSoftware": "dcm2niix",
  "ConversionSoftwareVersion": "v1.0.20180622 GCC6.3.0",
  "DerivedVendorReportedEchoSpacing": 0.000550002,
  "EchoTime": 0.03,
  "EchoTrainLength": 64,
  "EffectiveEchoSpacing": 0.000550002,
  "FlipAngle": 90,
  "ImageOrientationPatientDICOM": [1, 0, 0, 0, 1, 0],
  "ImageType": [
    "ORIGINAL",
    "PRIMARY",
    "M",
    "ND",
    "MOSAIC"
],
  "InPlanePhaseEncodingDirectionDICOM": "COL",
  "MRAcquisitionType": "2D",
  "MagneticFieldStrength": 3,
  "Manufacturer": "Siemens",
  "ManufacturersModelName": "Prisma_fit",
  "Modality": "MR",
  "PartialFourier": 1,
  "PatientPosition": "HFS",
  "PercentPhaseFOV": 100,
  "PhaseEncodingDirection": "j-",
  "PhaseEncodingSteps": 64,
  "PhaseResolution": 1,
  "PixelBandwidth": 2055,
  "ProtocolName": "BOLD_3mm_matched_0.55esp",
  "PulseSequenceDetails": "%SiemensSeq%_ep2d_bold",
  "ReceiveCoilActiveElements": "HEA;HEP",
  "ReceiveCoilName": "Head_32",
  "ReconMatrixPE": 64,
  "RepetitionTime": 3,
  "SAR": 0.0815759,
  "ScanOptions": "FS",
  "ScanningSequence": "EP",
  "SequenceName": "_epfid2d1_64",
  "SequenceVariant": "SK",
  "SeriesDescription": "BOLD_3mm_matched_0.55esp",
  "SeriesNumber": 9,
  "ShimSetting": [1746, -3889, -287, 575, 111, -87, -1, -28],
  "SliceThickness": 4,
  "SliceTiming": [1.49, 0, 1.5575, 0.0675, 1.625, 0.135, 1.6925, 0.2025, 1.76, 0.27, 1.8275, 0.3375, 1.895, 0.4075, 1.965, 0.475, 2.0325, 0.5425, 2.1, 0.61, 2.1675, 0.6775, 2.235, 0.745, 2.3025, 0.8125, 2.37, 0.88, 2.4375, 0.9475, 2.505, 1.015, 2.5725, 1.0825, 2.64, 1.15, 2.71, 1.22, 2.7775, 1.2875, 2.845, 1.355, 2.9125, 1.4225],
  "SoftwareVersions": "syngo_MR_E11",
  "SpacingBetweenSlices": 4,
  "StationName": "HUP_FNDBA_MR2",
  "TotalReadoutTime": 0.0346501,
  "TxRefAmp": 220.327}
