{
  "AcquisitionMatrixPE": 80,
  "AcquisitionNumber": 1,
  "BandwidthPerPixelPhaseEncode": 23.148,
  "BaseResolution": 80,
  "BodyPartExamined": "BRAIN",
  "ConsistencyInfo": "N4_VE11C_LATEST_20160120",
  "ConversionSoftware": "dcm2niix",
  "ConversionSoftwareVersion": "v1.0.20180622 GCC6.3.0",
  "DerivedVendorReportedEchoSpacing": 0.000540003,
  "EchoTime": 0.03,
  "EchoTrainLength": 80,
  "EffectiveEchoSpacing": 0.000540003,
  "FlipAngle": 90,
  "ImageOrientationPatientDICOM": [1, 0, 0, 0, 1, 0],
  "ImageType": [
    "ORIGINAL",
    "PRIMARY",
    "M",
    "ND",
    "MOSAIC"
],
  "InPlanePhaseEncodingDirectionDICOM": "COL",
  "MRAcquisitionType": "2D",
  "MagneticFieldStrength": 3,
  "Manufacturer": "Siemens",
  "ManufacturersModelName": "Prisma_fit",
  "Modality": "MR",
  "PartialFourier": 1,
  "PatientPosition": "HFS",
  "PercentPhaseFOV": 100,
  "PhaseEncodingDirection": "j",
  "PhaseEncodingSteps": 80,
  "PhaseResolution": 1,
  "PixelBandwidth": 2085,
  "ProtocolName": "BOLD_3mm_unmatched_0.54esp_topup",
  "PulseSequenceDetails": "%SiemensSeq%_ep2d_bold",
  "ReceiveCoilActiveElements": "HEA;HEP",
  "ReceiveCoilName": "Head_32",
  "ReconMatrixPE": 80,
  "RepetitionTime": 4,
  "SAR": 0.0834299,
  "ScanOptions": "FS",
  "ScanningSequence": "EP",
  "SequenceName": "_epfid2d1_80",
  "SequenceVariant": "SK",
  "SeriesDescription": "BOLD_3mm_unmatched_0.54esp_topup",
  "SeriesNumber": 12,
  "ShimSetting": [1746, -3889, -287, 575, 111, -87, -1, -28],
  "SliceThickness": 3,
  "SliceTiming": [1.99, 0, 2.055, 0.065, 2.1225, 0.1325, 2.1875, 0.1975, 2.255, 0.265, 2.32, 0.33, 2.3875, 0.3975, 2.4525, 0.4625, 2.52, 0.53, 2.585, 0.595, 2.6525, 0.6625, 2.7175, 0.7275, 2.785, 0.795, 2.85, 0.86, 2.9175, 0.9275, 2.9825, 0.995, 3.05, 1.06, 3.1175, 1.1275, 3.1825, 1.1925, 3.25, 1.26, 3.315, 1.325, 3.3825, 1.3925, 3.4475, 1.4575, 3.515, 1.525, 3.58, 1.59, 3.6475, 1.6575, 3.7125, 1.7225, 3.78, 1.79, 3.845, 1.855, 3.9125, 1.9225],
  "SoftwareVersions": "syngo_MR_E11",
  "SpacingBetweenSlices": 3,
  "StationName": "HUP_FNDBA_MR2",
  "TotalReadoutTime": 0.0426603,
  "TxRefAmp": 220.327}
